GEM
  remote: https://rubygems.org/
  specs:
    addressable (2.7.0)
      public_suffix (>= 2.0.2, < 5.0)
    backports (3.18.2)
    colorator (1.1.0)
    concurrent-ruby (1.1.6)
    ffi (1.12.2)
    ffi (1.12.2-x64-mingw32)
    forwardable-extended (2.6.0)
    jekyll (3.6.3)
      addressable (~> 2.4)
      colorator (~> 1.0)
      jekyll-sass-converter (~> 1.0)
      jekyll-watch (~> 1.1)
      kramdown (~> 1.14)
      liquid (~> 4.0)
      mercenary (~> 0.3.3)
      pathutil (~> 0.9)
      rouge (>= 1.7, < 3)
      safe_yaml (~> 1.0)
    jekyll-admin (0.9.0)
      jekyll (>= 3.3, < 5.0)
      sinatra (~> 1.4)
      sinatra-contrib (~> 1.4)
    jekyll-feed (0.11.0)
      jekyll (~> 3.3)
    jekyll-last-modified-at (1.0.1)
      jekyll (~> 3.3)
      posix-spawn (~> 0.3.9)
    jekyll-sass-converter (1.5.2)
      sass (~> 3.4)
    jekyll-seo-tag (2.6.1)
      jekyll (>= 3.3, < 5.0)
    jekyll-watch (1.5.1)
      listen (~> 3.0)
    kramdown (1.17.0)
    liquid (4.0.3)
    listen (3.2.1)
      rb-fsevent (~> 0.10, >= 0.10.3)
      rb-inotify (~> 0.9, >= 0.9.10)
    mercenary (0.3.6)
    minima (2.5.1)
      jekyll (>= 3.5, < 5.0)
      jekyll-feed (~> 0.9)
      jekyll-seo-tag (~> 2.1)
    multi_json (1.15.0)
    pathutil (0.16.2)
      forwardable-extended (~> 2.6)
    posix-spawn (0.3.13)
    public_suffix (4.0.3)
    rack (1.6.13)
    rack-protection (1.5.5)
      rack
    rack-test (1.1.0)
      rack (>= 1.0, < 3)
    rb-fsevent (0.10.3)
    rb-inotify (0.10.1)
      ffi (~> 1.0)
    rouge (2.2.1)
    safe_yaml (1.0.5)
    sass (3.7.4)
      sass-listen (~> 4.0.0)
    sass-listen (4.0.0)
      rb-fsevent (~> 0.9, >= 0.9.4)
      rb-inotify (~> 0.9, >= 0.9.7)
    sinatra (1.4.8)
      rack (~> 1.5)
      rack-protection (~> 1.4)
      tilt (>= 1.3, < 3)
    sinatra-contrib (1.4.7)
      backports (>= 2.0)
      multi_json
      rack-protection
      rack-test
      sinatra (~> 1.4.0)
      tilt (>= 1.3, < 3)
    tilt (2.0.10)
    tzinfo (2.0.1)
      concurrent-ruby (~> 1.0)
    tzinfo-data (1.2019.3)
      tzinfo (>= 1.0.0)

PLATFORMS
  ruby
  x64-mingw32

DEPENDENCIES
  jekyll (= 3.6.3)
  jekyll-admin
  jekyll-feed (~> 0.6)
  jekyll-last-modified-at
  minima (~> 2.0)
  tzinfo-data

RUBY VERSION
   ruby 2.7.2p137

BUNDLED WITH
   2.1.4
